GIT
  remote: git://github.com/Bladrak/capistrano-rsync.git
  revision: 2dd64caf1775af794df0a82e218a550090fb131f
  specs:
    capistrano-rsync-bladrak (1.3.5)
      capistrano (>= 3.0.0.pre14, < 4)

GEM
  remote: https://rubygems.org/
  specs:
    capistrano (3.4.0)
      i18n
      rake (>= 10.0.0)
      sshkit (~> 1.3)
    colorize (0.7.7)
    i18n (0.7.0)
    net-scp (1.2.1)
      net-ssh (>= 2.6.5)
    net-ssh (2.9.2)
    rake (10.4.2)
    sshkit (1.7.1)
      colorize (>= 0.7.0)
      net-scp (>= 1.1.2)
      net-ssh (>= 2.8.0)

PLATFORMS
  ruby

DEPENDENCIES
  capistrano (~> 3.4)
  capistrano-rsync-bladrak!

BUNDLED WITH
   1.10.6
